GEM
  remote: https://rubygems.org/
  specs:
    arr-pm (0.0.10)
      cabin (> 0)
    backports (3.6.4)
    cabin (0.7.1)
    childprocess (0.5.6)
      ffi (~> 1.0, >= 1.0.11)
    clamp (0.6.5)
    ffi (1.9.8)
    fpm (1.3.3)
      arr-pm (~> 0.0.9)
      backports (>= 2.6.2)
      cabin (>= 0.6.0)
      childprocess
      clamp (~> 0.6)
      ffi
      json (>= 1.7.7)
    insist (1.0.0)
    json (1.8.3)
    mustache (0.99.8)
    pleaserun (0.0.14)
      cabin (> 0)
      clamp
      insist
      mustache (= 0.99.8)
      stud
    stud (0.0.19)

PLATFORMS
  ruby

DEPENDENCIES
  fpm (= 1.3.3)
  pleaserun (= 0.0.14)
